PATH
  remote: .
  specs:
    opener-language-identifier (0.1.0)
      builder (~> 3.1)
      sinatra (~> 1.4.2)

GEM
  remote: https://rubygems.org/
  specs:
    builder (3.1.4)
    coderay (1.0.9)
    cucumber (1.2.1)
      builder (>= 2.1.2)
      diff-lcs (>= 1.1.3)
      gherkin (~> 2.11.0)
      json (>= 1.4.6)
    diff-lcs (1.2.0)
    gherkin (2.11.5)
      json (>= 1.4.6)
    json (1.7.6)
    method_source (0.8.1)
    pry (0.9.12)
      coderay (~> 1.0.5)
      method_source (~> 0.8)
      slop (~> 3.4)
    rack (1.5.2)
    rack-protection (1.5.0)
      rack
    rspec (2.0.1)
      rspec-core (~> 2.0.1)
      rspec-expectations (~> 2.0.1)
      rspec-mocks (~> 2.0.1)
    rspec-core (2.0.1)
    rspec-expectations (2.0.1)
      diff-lcs (>= 1.1.2)
    rspec-mocks (2.0.1)
      rspec-core (~> 2.0.1)
      rspec-expectations (~> 2.0.1)
    sinatra (1.4.2)
      rack (~> 1.5, >= 1.5.2)
      rack-protection (~> 1.4)
      tilt (~> 1.3, >= 1.3.4)
    slop (3.4.4)
    tilt (1.4.1)

PLATFORMS
  ruby

DEPENDENCIES
  cucumber
  opener-language-identifier!
  pry
  rspec
